GEM
  remote: http://rubygems.org/
  specs:
    redcarpet (3.3.2)

PLATFORMS
  ruby
  x86-mingw32

DEPENDENCIES
  redcarpet
